PATH
  remote: .
  specs:
    slurper (1.1.8)
      activeresource (~> 3.0.9)

GEM
  remote: https://rubygems.org/
  specs:
    activemodel (3.0.9)
      activesupport (= 3.0.9)
      builder (~> 2.1.2)
      i18n (~> 0.5.0)
    activeresource (3.0.9)
      activemodel (= 3.0.9)
      activesupport (= 3.0.9)
    activesupport (3.0.9)
    builder (2.1.2)
    coderay (1.1.0)
    configuration (1.2.0)
    i18n (0.5.0)
    method_source (0.8.2)
    pry (0.9.12.6)
      coderay (~> 1.0)
      method_source (~> 0.8)
      slop (~> 3.4)
    rspec (1.3.0)
    slop (3.5.0)

PLATFORMS
  ruby

DEPENDENCIES
  configuration (~> 1.2.0)
  pry
  rspec (~> 1.3.0)
  slurper!
